GIT
  remote: https://github.com/blolol/cinch.git
  revision: fad9b95a1b893116f661b38c599a155a7696c5a0
  specs:
    cinch (2.4.0)

GIT
  remote: https://github.com/kaiks/jedna.git
  revision: 5fbfe2b61095428f3895d78dc9b1879f3fd71001
  specs:
    jedna (0.1.0)
      monitor (~> 0.1)

GEM
  remote: https://rubygems.org/
  specs:
    addressable (2.8.7)
      public_suffix (>= 2.0.2, < 7.0)
    base64 (0.3.0)
    bigdecimal (3.2.2)
    cinch-identify (1.7.0)
      cinch (~> 2.0)
    concurrent-ruby (1.3.5)
    crack (1.0.0)
      bigdecimal
      rexml
    date (3.4.1)
    dentaku (3.5.4)
      bigdecimal
      concurrent-ruby
    diff-lcs (1.6.2)
    domain_name (0.6.20240107)
    ffi (1.17.2-x86_64-linux-gnu)
    ffi-compiler (1.3.2)
      ffi (>= 1.15.5)
      rake
    hashdiff (1.2.0)
    http (5.3.1)
      addressable (~> 2.8)
      http-cookie (~> 1.0)
      http-form_data (~> 2.2)
      llhttp-ffi (~> 0.5.0)
    http-cookie (1.0.8)
      domain_name (~> 0.5)
    http-form_data (2.3.0)
    i18n (1.14.7)
      concurrent-ruby (~> 1.0)
    llhttp-ffi (0.5.1)
      ffi-compiler (~> 1.0)
      rake (~> 13.0)
    money (6.19.0)
      i18n (>= 0.6.4, <= 2)
    money-oxr (0.4.3)
      money (>= 6.13.5)
    monitor (0.2.0)
    net-ftp (0.3.8)
      net-protocol
      time
    net-protocol (0.2.2)
      timeout
    public_suffix (6.0.2)
    rake (13.3.0)
    rexml (3.4.1)
    rollbar (3.6.2)
    rspec (3.13.1)
      rspec-core (~> 3.13.0)
      rspec-expectations (~> 3.13.0)
      rspec-mocks (~> 3.13.0)
    rspec-core (3.13.4)
      rspec-support (~> 3.13.0)
    rspec-expectations (3.13.5)
      diff-lcs (>= 1.2.0, < 2.0)
      rspec-support (~> 3.13.0)
    rspec-mocks (3.13.5)
      diff-lcs (>= 1.2.0, < 2.0)
      rspec-support (~> 3.13.0)
    rspec-support (3.13.4)
    sequel (5.93.0)
      bigdecimal
    sqlite3 (2.7.0-x86_64-linux-gnu)
    time (0.4.1)
      date
    timecop (0.9.10)
    timeout (0.4.3)
    webmock (3.25.1)
      addressable (>= 2.8.0)
      crack (>= 0.3.2)
      hashdiff (>= 0.4.0, < 2.0.0)

PLATFORMS
  x86_64-linux

DEPENDENCIES
  base64
  cinch!
  cinch-identify
  dentaku
  http
  jedna!
  money
  money-oxr
  net-ftp
  rollbar
  rspec (~> 3.12)
  sequel
  sqlite3
  timecop (~> 0.9)
  webmock (~> 3.19)

RUBY VERSION
   ruby 3.3.8p144

BUNDLED WITH
   2.3.7
