GEM
  remote: https://rubygems.org/
  specs:
    addressable (2.8.0)
      public_suffix (>= 2.0.2, < 5.0)
    cinch (2.3.4)
    cinch-identify (1.7.0)
      cinch (~> 2.0)
    concurrent-ruby (1.0.5)
    concurrent-ruby (1.0.5-java)
    dentaku (3.2.0)
    domain_name (0.5.20190701)
      unf (>= 0.0.5, < 1.0.0)
    ffi (1.15.3)
    ffi (1.15.3-java)
    ffi (1.15.3-x86-mingw32)
    ffi-compiler (1.0.1)
      ffi (>= 1.0.0)
      rake
    http (5.0.1)
      addressable (~> 2.3)
      http-cookie (~> 1.0)
      http-form_data (~> 2.2)
      llhttp-ffi (~> 0.3.0)
    http-cookie (1.0.4)
      domain_name (~> 0.5)
    http-form_data (2.3.0)
    i18n (1.0.1)
      concurrent-ruby (~> 1.0)
    llhttp-ffi (0.3.1)
      ffi-compiler (~> 1.0)
      rake (~> 13.0)
    money (6.11.0)
      i18n (>= 0.6.4, < 1.1)
    money-oxr (0.4.0)
      money (~> 6.6)
    multi_json (1.13.1)
    public_suffix (4.0.6)
    rake (13.0.6)
    rollbar (2.18.2)
      multi_json
    ruby-fann (1.2.6)
    sequel (5.7.1)
    sqlite3 (1.3.13)
    sqlite3 (1.3.13-x86-mingw32)
    unf (0.1.4)
      unf_ext
    unf (0.1.4-java)
    unf_ext (0.0.7.7)
    unf_ext (0.0.7.7-x86-mingw32)

PLATFORMS
  java
  ruby
  x86-mingw32

DEPENDENCIES
  cinch
  cinch-identify
  dentaku
  http
  money
  money-oxr
  rollbar
  ruby-fann
  sequel
  sqlite3

BUNDLED WITH
   1.17.2
